PATH
  remote: .
  specs:
    shouldit-formatters-rspec (0.0.1)
      rspec-core (~> 3.2)
      rspec-expectations (~> 3.2)

GEM
  remote: https://rubygems.org/
  specs:
    diff-lcs (1.2.5)
    rake (10.4.2)
    rspec-core (3.3.0)
      rspec-support (~> 3.3.0)
    rspec-expectations (3.3.0)
      diff-lcs (>= 1.2.0, < 2.0)
      rspec-support (~> 3.3.0)
    rspec-support (3.3.0)

PLATFORMS
  ruby

DEPENDENCIES
  rake (~> 10.4)
  shouldit-formatters-rspec!
